GEM
  remote: https://rubygems.org/
  specs:
    activesupport (4.2.3)
      i18n (~> 0.7)
      json (~> 1.7, >= 1.7.7)
      minitest (~> 5.1)
      thread_safe (~> 0.3, >= 0.3.4)
      tzinfo (~> 1.1)
    addressable (2.3.8)
    atomic (1.1.99)
    bio (1.5.0)
    builder (3.2.2)
    color (1.7.1)
    cucumber (2.0.0)
      builder (>= 2.1.2)
      cucumber-core (~> 1.1.3)
      diff-lcs (>= 1.1.3)
      gherkin (~> 2.12)
      multi_json (>= 1.7.5, < 2.0)
      multi_test (>= 0.1.2)
    cucumber-core (1.1.3)
      gherkin (~> 2.12.0)
    diff-lcs (1.2.5)
    docile (1.1.5)
    factory_girl (4.5.0)
      activesupport (>= 3.0.0)
    faraday (0.8.9)
      multipart-post (~> 1.2.0)
    fastercsv (1.5.5)
    ffi (1.9.10)
    ffi-compiler (0.1.3)
      ffi (>= 1.0.0)
      rake
    gherkin (2.12.2)
      multi_json (~> 1.3)
    git (1.2.9.1)
    github_api (0.10.1)
      addressable
      faraday (~> 0.8.1)
      hashie (>= 1.2)
      multi_json (~> 1.4)
      nokogiri (~> 1.5.2)
      oauth2
    hashie (3.4.2)
    highline (1.7.2)
    hotwater (0.1.2)
      ffi
      ffi-compiler
      rake
    i18n (0.7.0)
    jbundler (0.4.3)
      maven-tools (~> 0.32.1)
      ruby-maven (~> 3.0.4)
    jeweler (1.8.8)
      builder
      bundler (~> 1.0)
      git (>= 1.2.5)
      github_api (= 0.10.1)
      highline (>= 1.6.15)
      nokogiri (= 1.5.10)
      rake
      rdoc
    json (1.8.3)
    jwt (1.5.1)
    maven-tools (0.32.5)
    minitest (5.7.0)
    multi_json (1.11.2)
    multi_test (0.1.2)
    multi_xml (0.5.5)
    multipart-post (1.2.0)
    nokogiri (1.5.10)
    oauth2 (1.0.0)
      faraday (>= 0.8, < 0.10)
      jwt (~> 1.0)
      multi_json (~> 1.3)
      multi_xml (~> 0.5)
      rack (~> 1.2)
    pdf-writer (1.1.8)
      color (>= 1.4.0)
      transaction-simple (~> 1.3)
    power_assert (0.2.3)
    rack (1.6.4)
    rake (10.4.2)
    rdoc (4.2.0)
      json (~> 1.4)
    rspec (3.3.0)
      rspec-core (~> 3.3.0)
      rspec-expectations (~> 3.3.0)
      rspec-mocks (~> 3.3.0)
    rspec-core (3.3.1)
      rspec-support (~> 3.3.0)
    rspec-expectations (3.3.0)
      diff-lcs (>= 1.2.0, < 2.0)
      rspec-support (~> 3.3.0)
    rspec-mocks (3.3.1)
      diff-lcs (>= 1.2.0, < 2.0)
      rspec-support (~> 3.3.0)
    rspec-support (3.3.0)
    ruby-band (0.1.13)
      activesupport (>= 3.2.13)
      atomic
      bio (>= 1.4.2)
      bundler (>= 1.3.5)
      cucumber
      gherkin
      git
      i18n (>= 0.6.1)
      jbundler (= 0.4.3)
      jeweler (~> 1.8.4)
      json
      multi_json
      rake
      rdoc (>= 3.12)
      rspec
      ruport
      shoulda
      simplecov
      test-unit
    ruby-maven (3.0.4.1.4)
      maven-tools (~> 0.32.3)
      thor (>= 0.14.6, < 2.0)
    ruport (1.6.3)
      fastercsv
      pdf-writer (= 1.1.8)
    shoulda (3.5.0)
      shoulda-context (~> 1.0, >= 1.0.1)
      shoulda-matchers (>= 1.4.1, < 3.0)
    shoulda-context (1.2.1)
    shoulda-matchers (2.8.0)
      activesupport (>= 3.0.0)
    simplecov (0.10.0)
      docile (~> 1.1.0)
      json (~> 1.8)
      simplecov-html (~> 0.10.0)
    simplecov-html (0.10.0)
    test-unit (3.1.2)
      power_assert
    thor (0.19.1)
    thread_safe (0.3.5)
    transaction-simple (1.4.0.2)
    tzinfo (1.2.2)
      thread_safe (~> 0.1)
    wikipedia-vandalism_detection (0.0.1)
      activesupport
      nokogiri
      ruby-band (~> 0.1)

PLATFORMS
  ruby

DEPENDENCIES
  activesupport (= 4.2.3)
  addressable (= 2.3.8)
  atomic (= 1.1.99)
  bio (= 1.5.0)
  builder (= 3.2.2)
  color (= 1.7.1)
  cucumber (= 2.0.0)
  cucumber-core (= 1.1.3)
  diff-lcs (= 1.2.5)
  docile (= 1.1.5)
  factory_girl (= 4.5.0)
  faraday (= 0.8.9)
  fastercsv (= 1.5.5)
  ffi (= 1.9.10)
  ffi-compiler (= 0.1.3)
  gherkin (= 2.12.2)
  git (= 1.2.9.1)
  github_api (= 0.10.1)
  hashie (= 3.4.2)
  highline (= 1.7.2)
  hotwater (= 0.1.2)
  i18n (= 0.7.0)
  jbundler (= 0.4.3)
  jeweler (= 1.8.8)
  json (= 1.8.3)
  jwt (= 1.5.1)
  maven-tools (= 0.32.5)
  minitest (= 5.7.0)
  multi_json (= 1.11.2)
  multi_test (= 0.1.2)
  multi_xml (= 0.5.5)
  multipart-post (= 1.2.0)
  nokogiri (= 1.5.10)
  oauth2 (= 1.0.0)
  pdf-writer (= 1.1.8)
  power_assert (= 0.2.3)
  rack (= 1.6.4)
  rake (= 10.4.2)
  rdoc (= 4.2.0)
  rspec (= 3.3.0)
  rspec-core (= 3.3.1)
  rspec-expectations (= 3.3.0)
  rspec-mocks (= 3.3.1)
  rspec-support (= 3.3.0)
  ruby-band (= 0.1.13)
  ruby-maven (= 3.0.4.1.4)
  ruport (= 1.6.3)
  shoulda (= 3.5.0)
  shoulda-context (= 1.2.1)
  shoulda-matchers (= 2.8.0)
  simplecov (= 0.10.0)
  simplecov-html (= 0.10.0)
  test-unit (= 3.1.2)
  thor (= 0.19.1)
  thread_safe (= 0.3.5)
  transaction-simple (= 1.4.0.2)
  tzinfo (= 1.2.2)
  wikipedia-vandalism_detection

BUNDLED WITH
   1.13.4
